PATH
  remote: .
  specs:
    minitest-coloring (0.1.0)

GEM
  remote: https://rubygems.org/
  specs:
    minitest (5.16.3)
    rake (13.0.6)

PLATFORMS
  x86_64-darwin-21

DEPENDENCIES
  bundler (~> 2.0)
  minitest (~> 5.0)
  minitest-coloring!
  rake (~> 13.0)

BUNDLED WITH
   2.3.26
